GEM
  remote: https://rubygems.org/
  specs:
    activesupport (4.1.16)
      i18n (~> 0.6, >= 0.6.9)
      json (~> 1.7, >= 1.7.7)
      minitest (~> 5.1)
      thread_safe (~> 0.1)
      tzinfo (~> 1.1)
    addressable (2.5.2)
      public_suffix (>= 2.0.2, < 4.0)
    capybara (3.10.1)
      addressable
      mini_mime (>= 0.1.3)
      nokogiri (~> 1.8)
      rack (>= 1.6.0)
      rack-test (>= 0.6.3)
      regexp_parser (~> 1.2)
      xpath (~> 3.2)
    celluloid (0.16.0)
      timers (~> 4.0.0)
    chunky_png (1.3.10)
    cliver (0.3.2)
    coderay (1.1.2)
    coffee-script (2.4.1)
      coffee-script-source
      execjs
    coffee-script-source (1.12.2)
    compass (1.0.3)
      chunky_png (~> 1.2)
      compass-core (~> 1.0.2)
      compass-import-once (~> 1.0.5)
      rb-fsevent (>= 0.9.3)
      rb-inotify (>= 0.9)
      sass (>= 3.3.13, < 3.5)
    compass-core (1.0.3)
      multi_json (~> 1.0)
      sass (>= 3.3.0, < 3.5)
    compass-import-once (1.0.5)
      sass (>= 3.2, < 3.5)
    dotenv (2.5.0)
    em-websocket (0.5.1)
      eventmachine (>= 0.12.9)
      http_parser.rb (~> 0.6.0)
    erubis (2.7.0)
    eventmachine (1.2.7)
    execjs (2.7.0)
    ffi (1.9.25)
    haml (5.0.4)
      temple (>= 0.8.0)
      tilt
    hike (1.2.3)
    hitimes (1.3.0)
    hooks (0.4.1)
      uber (~> 0.0.14)
    http_parser.rb (0.6.0)
    i18n (0.7.0)
    json (1.8.6)
    kramdown (1.17.0)
    listen (2.10.1)
      celluloid (~> 0.16.0)
      rb-fsevent (>= 0.9.3)
      rb-inotify (>= 0.9)
    method_source (0.9.1)
    middleman (3.3.12)
      coffee-script (~> 2.2)
      compass (>= 1.0.0, < 2.0.0)
      compass-import-once (= 1.0.5)
      execjs (~> 2.0)
      haml (>= 4.0.5)
      kramdown (~> 1.2)
      middleman-core (= 3.3.12)
      middleman-sprockets (>= 3.1.2)
      sass (>= 3.4.0, < 4.0)
      uglifier (~> 2.5)
    middleman-core (3.3.12)
      activesupport (~> 4.1.0)
      bundler (~> 1.1)
      erubis
      hooks (~> 0.3)
      i18n (~> 0.7.0)
      listen (>= 2.7.9, < 3.0)
      padrino-helpers (~> 0.12.3)
      rack (>= 1.4.5, < 2.0)
      rack-test (~> 0.6.2)
      thor (>= 0.15.2, < 2.0)
      tilt (~> 1.4.1, < 2.0)
    middleman-deploy (1.0.0)
      middleman-core (>= 3.2)
      net-sftp
      ptools
    middleman-google-analytics (1.1.0)
      middleman-core (~> 3.2)
      uglifier (>= 2.1, < 3.0)
    middleman-livereload (3.1.1)
      em-websocket (>= 0.2.0)
      middleman-core (>= 3.0.2)
      multi_json (~> 1.0)
      rack-livereload
    middleman-pry (0.0.4)
      middleman-core (~> 3.2)
      pry (~> 0.9)
    middleman-sprockets (3.5.0)
      middleman-core (>= 3.3)
      sprockets (~> 2.12.1)
      sprockets-helpers (~> 1.1.0)
      sprockets-sass (~> 1.3.0)
    mini_magick (4.9.2)
    mini_mime (1.0.1)
    mini_portile2 (2.3.0)
    minitest (5.11.3)
    multi_json (1.13.1)
    net-sftp (2.1.2)
      net-ssh (>= 2.6.5)
    net-ssh (5.0.2)
    nokogiri (1.8.5)
      mini_portile2 (~> 2.3.0)
    padrino-helpers (0.12.9)
      i18n (~> 0.6, >= 0.6.7)
      padrino-support (= 0.12.9)
      tilt (>= 1.4.1, < 3)
    padrino-support (0.12.9)
      activesupport (>= 3.1)
    poltergeist (1.18.1)
      capybara (>= 2.1, < 4)
      cliver (~> 0.3.1)
      websocket-driver (>= 0.2.0)
    pry (0.12.0)
      coderay (~> 1.1.0)
      method_source (~> 0.9.0)
    ptools (1.3.5)
    public_suffix (3.0.3)
    rack (1.6.11)
    rack-livereload (0.3.17)
      rack
    rack-test (0.6.3)
      rack (>= 1.0)
    rb-fsevent (0.10.3)
    rb-inotify (0.9.10)
      ffi (>= 0.5.0, < 2)
    regexp_parser (1.2.0)
    sass (3.4.25)
    sprockets (2.12.5)
      hike (~> 1.2)
      multi_json (~> 1.0)
      rack (~> 1.0)
      tilt (~> 1.1, != 1.3.0)
    sprockets-helpers (1.1.0)
      sprockets (~> 2.0)
    sprockets-sass (1.3.1)
      sprockets (~> 2.0)
      tilt (~> 1.1)
    temple (0.8.0)
    thor (0.20.0)
    thread_safe (0.3.6)
    tilt (1.4.1)
    timers (4.0.4)
      hitimes
    tzinfo (1.2.5)
      thread_safe (~> 0.1)
    uber (0.0.15)
    uglifier (2.7.2)
      execjs (>= 0.3.0)
      json (>= 1.8.0)
    websocket-driver (0.7.0)
      websocket-extensions (>= 0.1.0)
    websocket-extensions (0.1.3)
    xpath (3.2.0)
      nokogiri (~> 1.8)

PLATFORMS
  ruby

DEPENDENCIES
  capybara
  dotenv
  middleman (~> 3.3.10)
  middleman-deploy (~> 1.0)
  middleman-google-analytics
  middleman-livereload (~> 3.1.0)
  middleman-pry (~> 0.0.4)
  mini_magick
  poltergeist
  tzinfo-data
  wdm (~> 0.1.0)

BUNDLED WITH
   1.16.1
